GEM
  remote: https://rubygems.org/
  specs:
    adwaita (4.2.5)
      gtk4 (= 4.2.5)
    atk (4.2.5)
      glib2 (= 4.2.5)
    cairo (1.17.14)
      native-package-installer (>= 1.0.3)
      pkg-config (>= 1.2.2)
      red-colors
    cairo-gobject (4.2.5)
      cairo (>= 1.16.2)
      glib2 (= 4.2.5)
    fiddle (1.0.9)
    gdk4 (4.2.5)
      cairo-gobject (= 4.2.5)
      gdk_pixbuf2 (= 4.2.5)
      pango (= 4.2.5)
    gdk_pixbuf2 (4.2.5)
      gio2 (= 4.2.5)
    gio2 (4.2.5)
      fiddle
      gobject-introspection (= 4.2.5)
    glib2 (4.2.5)
      native-package-installer (>= 1.0.3)
      pkg-config (>= 1.3.5)
    gobject-introspection (4.2.5)
      glib2 (= 4.2.5)
    gtk4 (4.2.5)
      atk (= 4.2.5)
      gdk4 (= 4.2.5)
    json (2.7.6)
    matrix (0.1.0)
    native-package-installer (1.1.9)
    pango (4.2.5)
      cairo-gobject (= 4.2.5)
      gobject-introspection (= 4.2.5)
    pkg-config (1.5.8)
    red-colors (0.4.0)
      json
      matrix

PLATFORMS
  x86_64-linux

DEPENDENCIES
  adwaita
  gtk4

BUNDLED WITH
   2.2.25
